GIT
  remote: git://github.com/ahoward/mongoid-grid_fs.git
  revision: 98fbd15cdd3e545ad2b6f22d74721d57183e5a7c
  specs:
    mongoid-grid_fs (2.1.0)
      mime-types (>= 1.0, < 3.0)
      mongoid (>= 3.0, < 5.0)

GIT
  remote: git://github.com/capistrano/rvm.git
  revision: 9cfef39cf0022839dca6b5b330dfefeb5fc363e7
  specs:
    capistrano-rvm (0.1.2)
      capistrano (~> 3.0)
      sshkit (~> 1.2)

GIT
  remote: git://github.com/moaa/websocket-rails.git
  revision: cf5d59b671c5b72caa7d3de91444063152ac6bb1
  branch: sync_fixes
  specs:
    websocket-rails (0.7.0)
      connection_pool
      em-synchrony
      faye-websocket
      hiredis
      rack
      rails
      redis
      redis-objects
      thin

GEM
  remote: https://rubygems.org/
  specs:
    actionmailer (4.2.0)
      actionpack (= 4.2.0)
      actionview (= 4.2.0)
      activejob (= 4.2.0)
      mail (~> 2.5, >= 2.5.4)
      rails-dom-testing (~> 1.0, >= 1.0.5)
    actionpack (4.2.0)
      actionview (= 4.2.0)
      activesupport (= 4.2.0)
      rack (~> 1.6.0)
      rack-test (~> 0.6.2)
      rails-dom-testing (~> 1.0, >= 1.0.5)
      rails-html-sanitizer (~> 1.0, >= 1.0.1)
    actionview (4.2.0)
      activesupport (= 4.2.0)
      builder (~> 3.1)
      erubis (~> 2.7.0)
      rails-dom-testing (~> 1.0, >= 1.0.5)
      rails-html-sanitizer (~> 1.0, >= 1.0.1)
    activejob (4.2.0)
      activesupport (= 4.2.0)
      globalid (>= 0.3.0)
    activemodel (4.2.0)
      activesupport (= 4.2.0)
      builder (~> 3.1)
    activerecord (4.2.0)
      activemodel (= 4.2.0)
      activesupport (= 4.2.0)
      arel (~> 6.0)
    activesupport (4.2.0)
      i18n (~> 0.7)
      json (~> 1.7, >= 1.7.7)
      minitest (~> 5.1)
      thread_safe (~> 0.3, >= 0.3.4)
      tzinfo (~> 1.1)
    angular-rails-templates (0.1.5)
      railties (>= 3.1)
      sprockets (~> 2)
      tilt
    angular_rails_csrf (1.0.4)
      rails (>= 3, < 5)
    angularjs-file-upload-rails (1.1.6)
    arel (6.0.0)
    autoprefixer-rails (5.2.1)
      execjs
      json
    bcrypt (3.1.10)
    binding_of_caller (0.7.2)
      debug_inspector (>= 0.0.1)
    bootstrap-sass (3.3.5.1)
      autoprefixer-rails (>= 5.0.0.1)
      sass (>= 3.3.0)
    bson (3.1.2)
    builder (3.2.2)
    byebug (5.0.0)
      columnize (= 0.9.0)
    capistrano (3.4.0)
      i18n
      rake (>= 10.0.0)
      sshkit (~> 1.3)
    capistrano-bundler (1.1.4)
      capistrano (~> 3.1)
      sshkit (~> 1.2)
    capistrano-passenger (0.1.1)
      capistrano (~> 3.0)
    capistrano-rails (1.1.3)
      capistrano (~> 3.1)
      capistrano-bundler (~> 1.1)
    carrierwave (0.10.0)
      activemodel (>= 3.2.0)
      activesupport (>= 3.2.0)
      json (>= 1.7)
      mime-types (>= 1.16)
    carrierwave-mongoid (0.7.1)
      carrierwave (>= 0.8.0, < 0.11.0)
      mongoid (>= 3.0, < 5.0)
      mongoid-grid_fs (>= 1.3, < 3.0)
    ckeditor (4.1.2)
      cocaine
      orm_adapter (~> 0.5.0)
    climate_control (0.0.3)
      activesupport (>= 3.0)
    cocaine (0.5.7)
      climate_control (>= 0.0.3, < 1.0)
    coffee-rails (4.1.0)
      coffee-script (>= 2.2.0)
      railties (>= 4.0.0, < 5.0)
    coffee-script (2.4.1)
      coffee-script-source
      execjs
    coffee-script-source (1.9.1.1)
    colorize (0.7.7)
    columnize (0.9.0)
    connection_pool (2.2.0)
    daemons (1.2.3)
    debug_inspector (0.0.2)
    devise (3.5.1)
      bcrypt (~> 3.0)
      orm_adapter (~> 0.1)
      railties (>= 3.2.6, < 5)
      responders
      thread_safe (~> 0.1)
      warden (~> 1.2.3)
    em-synchrony (1.0.4)
      eventmachine (>= 1.0.0.beta.1)
    erubis (2.7.0)
    eventmachine (1.0.7)
    execjs (2.5.2)
    faraday (0.9.1)
      multipart-post (>= 1.2, < 3)
    faye-websocket (0.9.2)
      eventmachine (>= 0.12.0)
      websocket-driver (>= 0.5.1)
    font-awesome-sass (4.3.2.1)
      sass (~> 3.2)
    geocoder (1.2.9)
    globalid (0.3.5)
      activesupport (>= 4.1.0)
    hashie (3.4.2)
    hike (1.2.3)
    hiredis (0.6.0)
    i18n (0.7.0)
    jbuilder (2.3.0)
      activesupport (>= 3.0.0, < 5)
      multi_json (~> 1.2)
    jquery-rails (4.0.4)
      rails-dom-testing (~> 1.0)
      railties (>= 4.2.0)
      thor (>= 0.14, < 2.0)
    jquery-ui-rails (5.0.5)
      railties (>= 3.2.16)
    json (1.8.3)
    jwt (1.5.1)
    loofah (2.0.2)
      nokogiri (>= 1.5.9)
    mail (2.6.3)
      mime-types (>= 1.16, < 3)
    mime-types (2.6.1)
    mini_magick (4.2.7)
    mini_portile (0.6.2)
    minitest (5.7.0)
    mongoid (4.0.2)
      activemodel (~> 4.0)
      moped (~> 2.0.0)
      origin (~> 2.1)
      tzinfo (>= 0.3.37)
    mongoid_paranoia (0.1.2)
      mongoid (> 3)
    moped (2.0.6)
      bson (~> 3.0)
      connection_pool (~> 2.0)
      optionable (~> 0.2.0)
    multi_json (1.11.1)
    multi_xml (0.5.5)
    multipart-post (2.0.0)
    net-scp (1.2.1)
      net-ssh (>= 2.6.5)
    net-ssh (2.9.2)
    nokogiri (1.6.6.2)
      mini_portile (~> 0.6.0)
    oauth2 (1.0.0)
      faraday (>= 0.8, < 0.10)
      jwt (~> 1.0)
      multi_json (~> 1.3)
      multi_xml (~> 0.5)
      rack (~> 1.2)
    omniauth (1.2.2)
      hashie (>= 1.2, < 4)
      rack (~> 1.0)
    omniauth-facebook (2.0.1)
      omniauth-oauth2 (~> 1.2)
    omniauth-oauth2 (1.3.1)
      oauth2 (~> 1.0)
      omniauth (~> 1.2)
    optionable (0.2.0)
    origin (2.1.1)
    orm_adapter (0.5.0)
    passenger (5.0.11)
      rack
      rake (>= 0.8.1)
    rack (1.6.4)
    rack-test (0.6.3)
      rack (>= 1.0)
    rails (4.2.0)
      actionmailer (= 4.2.0)
      actionpack (= 4.2.0)
      actionview (= 4.2.0)
      activejob (= 4.2.0)
      activemodel (= 4.2.0)
      activerecord (= 4.2.0)
      activesupport (= 4.2.0)
      bundler (>= 1.3.0, < 2.0)
      railties (= 4.2.0)
      sprockets-rails
    rails-deprecated_sanitizer (1.0.3)
      activesupport (>= 4.2.0.alpha)
    rails-dom-testing (1.0.6)
      activesupport (>= 4.2.0.beta, < 5.0)
      nokogiri (~> 1.6.0)
      rails-deprecated_sanitizer (>= 1.0.1)
    rails-html-sanitizer (1.0.2)
      loofah (~> 2.0)
    rails_12factor (0.0.3)
      rails_serve_static_assets
      rails_stdout_logging
    rails_serve_static_assets (0.0.4)
    rails_stdout_logging (0.0.3)
    railties (4.2.0)
      actionpack (= 4.2.0)
      activesupport (= 4.2.0)
      rake (>= 0.8.7)
      thor (>= 0.18.1, < 2.0)
    rake (10.4.2)
    rdoc (4.2.0)
      json (~> 1.4)
    redis (3.2.1)
    redis-objects (1.2.0)
      redis (>= 3.0.2)
    responders (2.1.0)
      railties (>= 4.2.0, < 5)
    rufus-scheduler (3.1.3)
    sass (3.4.15)
    sass-rails (5.0.3)
      railties (>= 4.0.0, < 5.0)
      sass (~> 3.1)
      sprockets (>= 2.8, < 4.0)
      sprockets-rails (>= 2.0, < 4.0)
      tilt (~> 1.1)
    sdoc (0.4.1)
      json (~> 1.7, >= 1.7.7)
      rdoc (~> 4.0)
    spring (1.3.6)
    sprockets (2.12.4)
      hike (~> 1.2)
      multi_json (~> 1.0)
      rack (~> 1.0)
      tilt (~> 1.1, != 1.3.0)
    sprockets-rails (2.3.2)
      actionpack (>= 3.0)
      activesupport (>= 3.0)
      sprockets (>= 2.8, < 4.0)
    sshkit (1.7.1)
      colorize (>= 0.7.0)
      net-scp (>= 1.1.2)
      net-ssh (>= 2.8.0)
    thin (1.6.3)
      daemons (~> 1.0, >= 1.0.9)
      eventmachine (~> 1.0)
      rack (~> 1.0)
    thor (0.19.1)
    thread_safe (0.3.5)
    tilt (1.4.1)
    tzinfo (1.2.2)
      thread_safe (~> 0.1)
    uglifier (2.7.1)
      execjs (>= 0.3.0)
      json (>= 1.8.0)
    warden (1.2.3)
      rack (>= 1.0)
    web-console (2.1.3)
      activemodel (>= 4.0)
      binding_of_caller (>= 0.7.2)
      railties (>= 4.0)
      sprockets-rails (>= 2.0, < 4.0)
    websocket-driver (0.5.4)
      websocket-extensions (>= 0.1.0)
    websocket-extensions (0.1.2)
    will_paginate (3.0.7)
    will_paginate_mongoid (2.0.1)
      mongoid
      will_paginate (~> 3.0)

PLATFORMS
  ruby

DEPENDENCIES
  angular-rails-templates
  angular_rails_csrf
  angularjs-file-upload-rails
  bootstrap-sass
  byebug
  capistrano
  capistrano-bundler
  capistrano-passenger
  capistrano-rails
  capistrano-rvm!
  carrierwave-mongoid
  ckeditor
  coffee-rails
  devise
  font-awesome-sass
  geocoder
  jbuilder
  jquery-rails
  jquery-ui-rails
  mini_magick
  mongoid
  mongoid-grid_fs!
  mongoid_paranoia
  omniauth-facebook
  passenger
  rails (= 4.2.0)
  rails_12factor
  rufus-scheduler
  sass-rails
  sdoc (~> 0.4.0)
  spring
  sprockets
  uglifier
  web-console
  websocket-rails!
  will_paginate
  will_paginate_mongoid
